GEM
  remote: http://rubygems.org/
  specs:
    artii (2.1.1)
    ncurses-ruby (1.2.4)

PLATFORMS
  ruby

DEPENDENCIES
  artii
  ncurses-ruby

BUNDLED WITH
   1.10.6
